PATH
  remote: .
  specs:
    sea (0.1.0)

GEM
  remote: https://rubygems.org/
  specs:
    docile (1.3.1)
    json (2.2.0)
    minitest (5.11.3)
    simplecov (0.16.1)
      docile (~> 1.1)
      json (>= 1.8, < 3)
      simplecov-html (~> 0.10.0)
    simplecov-html (0.10.2)

PLATFORMS
  ruby

DEPENDENCIES
  minitest (~> 5.1)
  sea!
  simplecov

BUNDLED WITH
   1.16.5
