PATH
  remote: .
  specs:
    sea (0.1.0)

GEM
  remote: https://rubygems.org/
  specs:
    ast (2.4.0)
    docile (1.3.1)
    jaro_winkler (1.5.2)
    json (2.2.0)
    minitest (5.11.3)
    parallel (1.14.0)
    parser (2.6.2.0)
      ast (~> 2.4.0)
    psych (3.1.0)
    rainbow (3.0.0)
    rubocop (0.66.0)
      jaro_winkler (~> 1.5.1)
      parallel (~> 1.10)
      parser (>= 2.5, != 2.5.1.1)
      psych (>= 3.1.0)
      rainbow (>= 2.2.2, < 4.0)
      ruby-progressbar (~> 1.7)
      unicode-display_width (>= 1.4.0, < 1.6)
    ruby-progressbar (1.10.0)
    simplecov (0.16.1)
      docile (~> 1.1)
      json (>= 1.8, < 3)
      simplecov-html (~> 0.10.0)
    simplecov-html (0.10.2)
    unicode-display_width (1.5.0)

PLATFORMS
  ruby

DEPENDENCIES
  minitest (~> 5.11)
  rubocop (~> 0.66)
  sea!
  simplecov (~> 0.16)

BUNDLED WITH
   1.16.5
