PATH
  remote: ../..
  specs:
    sea (0.1.0)

GEM
  remote: https://rubygems.org/
  specs:
    minitest (5.11.3)
    rake (12.3.2)

PLATFORMS
  ruby

DEPENDENCIES
  minitest
  rake
  sea!

BUNDLED WITH
   1.16.5
